GEM
  remote: https://rubygems.org/
  specs:
    parallel (1.6.2)

PLATFORMS
  ruby

DEPENDENCIES
  parallel

BUNDLED WITH
   1.11.2
